GEM
  remote: https://rubygems.org/
  specs:
    json (2.13.1)
    yaml (0.4.0)

PLATFORMS
  arm64-darwin-23
  ruby

DEPENDENCIES
  json
  yaml

CHECKSUMS
  json (2.13.1) sha256=8e7cf4bb44a789ac5fc62869c7187986251c3172d9bdfa60b92c63d6ecab0ffc
  yaml (0.4.0) sha256=240e69d1e6ce3584d6085978719a0faa6218ae426e034d8f9b02fb54d3471942

BUNDLED WITH
   2.7.1
