GEM
  remote: https://rubygems.org/
  specs:
    json (2.15.1)
    yaml (0.4.0)

PLATFORMS
  arm64-darwin-23
  ruby

DEPENDENCIES
  json
  yaml

CHECKSUMS
  json (2.15.1) sha256=b1c1b2e7c116eb1903e0ce0c374783e6ead8747a0f9eca132d274018ebb80b89
  yaml (0.4.0) sha256=240e69d1e6ce3584d6085978719a0faa6218ae426e034d8f9b02fb54d3471942

BUNDLED WITH
   2.7.2
