GEM
  remote: https://rubygems.org/
  specs:
    json (2.14.1)
    yaml (0.4.0)

PLATFORMS
  arm64-darwin-23
  ruby

DEPENDENCIES
  json
  yaml

CHECKSUMS
  json (2.14.1) sha256=b08994d751e9f0697cc089243a3cfabf998da1d25e81e7dd0d0f84136ff74642
  yaml (0.4.0) sha256=240e69d1e6ce3584d6085978719a0faa6218ae426e034d8f9b02fb54d3471942

BUNDLED WITH
   2.7.2
