GEM
  remote: https://rubygems.org/
  specs:
    json (2.13.0)
    yaml (0.4.0)

PLATFORMS
  arm64-darwin-23
  ruby

DEPENDENCIES
  json
  yaml

CHECKSUMS
  json (2.13.0) sha256=a4bdf1ce8db5617ec6c59e021db4a398e54b57b335e1fa417ac7badc3fb7c1a0
  yaml (0.4.0) sha256=240e69d1e6ce3584d6085978719a0faa6218ae426e034d8f9b02fb54d3471942

BUNDLED WITH
   2.7.1
